GEM
  remote: http://rubygems.org/
  specs:
    addressable (2.2.8)
    archive-tar-minitar (0.5.2)
    bacon (1.1.0)
    columnize (0.3.6)
    libwebsocket (0.1.4)
      addressable
    linecache19 (0.5.12)
      ruby_core_source (>= 0.1.4)
    rcov (0.9.9)
    rcov (0.9.9-java)
    ruby-debug-base19 (0.11.25)
      columnize (>= 0.3.1)
      linecache19 (>= 0.5.11)
      ruby_core_source (>= 0.1.4)
    ruby-debug19 (0.11.6)
      columnize (>= 0.3.1)
      linecache19 (>= 0.5.11)
      ruby-debug-base19 (>= 0.11.19)
    ruby-hmac (0.4.0)
    ruby_core_source (0.1.5)
      archive-tar-minitar (>= 0.5.2)

PLATFORMS
  java
  ruby

DEPENDENCIES
  addressable
  bacon
  libwebsocket (~> 0.1.0)
  rcov
  ruby-debug19
  ruby-hmac (~> 0.4.0)
